PATH
  remote: .
  specs:
    configatron (2.9.0)
      yamler (>= 0.1.0)

GEM
  remote: https://rubygems.org/
  specs:
    activesupport (3.2.2)
      i18n (~> 0.6)
      multi_json (~> 1.0)
    diff-lcs (1.1.3)
    erubis (2.7.0)
    gemstub (2.0.5)
      activesupport (>= 3.0.0)
      genosaurus
      mark_facets
      rspec (>= 2.0.0)
    genosaurus (1.2.4)
      erubis
    hashie (1.2.0)
    i18n (0.6.0)
    mark_facets (0.2.0)
      hashie
    multi_json (1.2.0)
    rake (0.9.2.2)
    rspec (2.8.0)
      rspec-core (~> 2.8.0)
      rspec-expectations (~> 2.8.0)
      rspec-mocks (~> 2.8.0)
    rspec-core (2.8.0)
    rspec-expectations (2.8.0)
      diff-lcs (~> 1.1.2)
    rspec-mocks (2.8.0)
    yamler (0.1.0)

PLATFORMS
  ruby

DEPENDENCIES
  configatron!
  gemstub
  rake
  rspec
