GIT
  remote: git://github.com/unmanbearpig/m.git
  revision: c30126fc346a924e04e1a77177a0c5b07ce19ae9
  specs:
    m (1.3.2)
      method_source (>= 0.6.7)
      rake (>= 0.9.2.2)

PATH
  remote: .
  specs:
    configatron (3.1.1)

GEM
  remote: https://rubygems.org/
  specs:
    metaclass (0.0.4)
    method_source (0.8.2)
    minitest (5.2.3)
    mocha (1.0.0)
      metaclass (~> 0.0.1)
    rake (10.2.2)

PLATFORMS
  ruby

DEPENDENCIES
  configatron!
  m!
  minitest (>= 5.2.3)
  mocha
  rake
