PATH
  remote: .
  specs:
    configatron (2.9.2)

GEM
  remote: https://rubygems.org/
  specs:
    coderay (1.0.8)
    guard (1.6.2)
      listen (>= 0.6.0)
      lumberjack (>= 1.0.2)
      pry (>= 0.9.10)
      terminal-table (>= 1.4.3)
      thor (>= 0.14.6)
    guard-minitest (0.5.0)
      guard (>= 0.4)
    listen (0.7.2)
    lumberjack (1.0.2)
    method_source (0.8.1)
    minitest (2.12.1)
    minitest-colorize (0.0.4)
      minitest (~> 2.0)
    pry (0.9.11.4)
      coderay (~> 1.0.5)
      method_source (~> 0.8)
      slop (~> 3.4)
    rake (0.9.2.2)
    rb-fsevent (0.9.3)
    slop (3.4.3)
    terminal-notifier-guard (1.5.3)
    terminal-table (1.4.5)
    thor (0.17.0)

PLATFORMS
  ruby

DEPENDENCIES
  configatron!
  guard
  guard-minitest
  minitest-colorize
  rake
  rb-fsevent
  terminal-notifier-guard
