PATH
  remote: .
  specs:
    configatron (3.0.0)

GEM
  remote: https://rubygems.org/
  specs:
    rake (10.1.1)

PLATFORMS
  ruby

DEPENDENCIES
  configatron!
  rake
